PATH
  remote: .
  specs:
    prs_bot (0.1.0)
      eth (~> 0.4.12)

GEM
  remote: https://rubygems.org/
  specs:
    ast (2.4.2)
    digest-sha3-patched (1.1.1)
    eth (0.4.12)
      digest-sha3-patched (~> 1.1)
      ffi (~> 1.0)
      money-tree (~> 0.10.0)
      rlp (~> 0.7.3)
      scrypt (~> 3.0.6)
    ffi (1.14.2)
    ffi-compiler (1.0.1)
      ffi (>= 1.0.0)
      rake
    minitest (5.14.3)
    money-tree (0.10.0)
      ffi
    parallel (1.20.1)
    parser (3.0.0.0)
      ast (~> 2.4.1)
    rainbow (3.0.0)
    rake (13.0.3)
    regexp_parser (2.0.3)
    rexml (3.2.4)
    rlp (0.7.3)
    rubocop (0.93.1)
      parallel (~> 1.10)
      parser (>= 2.7.1.5)
      rainbow (>= 2.2.2, < 4.0)
      regexp_parser (>= 1.8)
      rexml
      rubocop-ast (>= 0.6.0)
      ruby-progressbar (~> 1.7)
      unicode-display_width (>= 1.4.0, < 2.0)
    rubocop-ast (1.4.1)
      parser (>= 2.7.1.5)
    ruby-progressbar (1.11.0)
    scrypt (3.0.7)
      ffi-compiler (>= 1.0, < 2.0)
    unicode-display_width (1.7.0)

PLATFORMS
  ruby

DEPENDENCIES
  minitest (~> 5.0)
  prs_bot!
  rake (~> 13.0)
  rubocop (~> 0.80)

BUNDLED WITH
   2.2.3
